GEM
  remote: http://rubygems.org/
  specs:
    ffi (1.0.11)
    guard (1.0.1)
      ffi (>= 0.5.0)
      thor (~> 0.14.6)
    guard-bundler (0.1.3)
      bundler (>= 1.0.0)
      guard (>= 0.2.2)
    guard-haml (0.3.3)
      guard (>= 0.4)
      haml (>= 3.0)
    haml (3.1.4)
    thor (0.14.6)

PLATFORMS
  ruby

DEPENDENCIES
  guard-bundler
  guard-haml
  haml
